GEM
  remote: https://rubygems.org/
  specs:
    sqlite3 (1.3.13)
    sqlite3 (1.3.13-x64-mingw32)
    sqlite3-ruby (1.3.3)
      sqlite3 (>= 1.3.3)

PLATFORMS
  ruby
  x64-mingw32

DEPENDENCIES
  sqlite3-ruby

BUNDLED WITH
   1.15.4
